GEM
  remote: http://rubygems.org/
  specs:
    classifier (1.3.3)
      fast-stemmer (>= 1.0.0)
    directory_watcher (1.4.0)
    fast-stemmer (1.0.0)
    grackle (0.1.10)
      json
      mime-types
      oauth
    jekyll (0.10.0)
      classifier (>= 1.3.1)
      directory_watcher (>= 1.1.1)
      liquid (>= 1.9.0)
      maruku (>= 0.5.9)
    json (1.5.3)
    liquid (2.2.2)
    maruku (0.6.0)
      syntax (>= 1.0.0)
    mime-types (1.16)
    oauth (0.4.4)
    syntax (1.0.0)

PLATFORMS
  ruby

DEPENDENCIES
  grackle
  jekyll
